PATH
  remote: .
  specs:
    incognito (0.1.0)
      dotenv (~> 2.2)
      thor (~> 0.20)
      twilio-ruby (~> 5.8)

GEM
  remote: https://rubygems.org/
  specs:
    dotenv (2.2.2)
    faraday (0.14.0)
      multipart-post (>= 1.2, < 3)
    jwt (2.1.0)
    mini_portile2 (2.3.0)
    minitest (5.11.3)
    multipart-post (2.0.0)
    nokogiri (1.8.2)
      mini_portile2 (~> 2.3.0)
    rake (10.5.0)
    thor (0.20.0)
    twilio-ruby (5.8.0)
      faraday (~> 0.9)
      jwt (>= 1.5, <= 2.5)
      nokogiri (>= 1.6, < 2.0)

PLATFORMS
  ruby

DEPENDENCIES
  bundler (~> 1.16)
  incognito!
  minitest (~> 5.0)
  rake (~> 10.0)

BUNDLED WITH
   1.16.1
